PATH
  remote: .
  specs:
    nds_api (0.1.21)

GEM
  remote: https://rubygems.org/
  specs:
    rake (12.3.1)

PLATFORMS
  ruby

DEPENDENCIES
  bundler (~> 1.16)
  nds_api!
  rake (~> 12.0)

BUNDLED WITH
   1.16.3
